PATH
  remote: ../../../../../fwr
  specs:
    faktory_worker_ruby (0.9.0)
      connection_pool (~> 2.2, >= 2.2.2)

GEM
  remote: https://rubygems.org/
  specs:
    connection_pool (2.2.2)

PLATFORMS
  ruby

DEPENDENCIES
  faktory_worker_ruby!

BUNDLED WITH
   1.17.2
